PATH
  remote: .
  specs:
    zohoho (0.1.2)
      httparty
      json
      xml-simple

GEM
  remote: http://rubygems.org/
  specs:
    columnize (0.3.6)
    debugger (1.2.0)
      columnize (>= 0.3.1)
      debugger-linecache (~> 1.1.1)
      debugger-ruby_core_source (~> 1.1.3)
    debugger-linecache (1.1.2)
      debugger-ruby_core_source (>= 1.1.1)
    debugger-ruby_core_source (1.1.3)
    diff-lcs (1.1.3)
    fakeweb (1.3.0)
    foreman (0.59.0)
      thor (>= 0.13.6)
    git (1.2.5)
    httparty (0.9.0)
      multi_json (~> 1.0)
      multi_xml
    jeweler (1.6.4)
      bundler (~> 1.0)
      git (>= 1.2.5)
      rake
    json (1.7.5)
    metaclass (0.0.1)
    mocha (0.10.5)
      metaclass (~> 0.0.1)
    multi_json (1.3.6)
    multi_xml (0.5.1)
    rake (0.9.2)
    rcov (0.9.10)
    rspec (2.6.0)
      rspec-core (~> 2.6.0)
      rspec-expectations (~> 2.6.0)
      rspec-mocks (~> 2.6.0)
    rspec-core (2.6.4)
    rspec-expectations (2.6.0)
      diff-lcs (~> 1.1.2)
    rspec-mocks (2.6.0)
    thor (0.16.0)
    vcr (1.11.3)
    xml-simple (1.1.1)

PLATFORMS
  ruby

DEPENDENCIES
  bundler (~> 1.1.0)
  debugger
  fakeweb (~> 1.3.0)
  foreman
  jeweler (~> 1.6.0)
  mocha (~> 0.10.5)
  rcov
  rspec
  vcr (~> 1.11.3)
  zohoho!
