GEM
  remote: http://rubygems.org/
  specs:
    diff-lcs (1.1.3)
    fakeweb (1.3.0)
    git (1.2.5)
    httparty (0.8.0)
      multi_json
      multi_xml
    jeweler (1.6.4)
      bundler (~> 1.0)
      git (>= 1.2.5)
      rake
    metaclass (0.0.1)
    mocha (0.10.5)
      metaclass (~> 0.0.1)
    multi_json (1.0.3)
    multi_xml (0.4.1)
    rake (0.9.2)
    rcov (0.9.10)
    rspec (2.6.0)
      rspec-core (~> 2.6.0)
      rspec-expectations (~> 2.6.0)
      rspec-mocks (~> 2.6.0)
    rspec-core (2.6.4)
    rspec-expectations (2.6.0)
      diff-lcs (~> 1.1.2)
    rspec-mocks (2.6.0)
    vcr (1.11.3)
    xml-simple (1.1.0)

PLATFORMS
  ruby

DEPENDENCIES
  fakeweb (~> 1.3.0)
  httparty (~> 0.8.0)
  jeweler (~> 1.6.0)
  mocha (~> 0.10.5)
  rcov
  rspec
  vcr (~> 1.11.3)
  xml-simple (~> 1.1.0)
